GEM
  remote: https://rubygems.org/
  specs:
    coderay (1.1.3)
    htmlbeautifier (1.3.1)
    httpclient (2.8.3)
    method_source (1.0.0)
    mini_portile2 (2.5.0)
    multi_json (1.15.0)
    mustermann (1.1.1)
      ruby2_keywords (~> 0.0.1)
    nokogiri (1.11.3)
      mini_portile2 (~> 2.5.0)
      racc (~> 1.4)
    pry (0.14.1)
      coderay (~> 1.1)
      method_source (~> 1.0)
    racc (1.5.2)
    rack (2.2.3)
    rack-protection (2.1.0)
      rack
    rouge (3.26.0)
    ruby2_keywords (0.0.4)
    sinatra (2.1.0)
      mustermann (~> 1.0)
      rack (~> 2.2)
      rack-protection (= 2.1.0)
      tilt (~> 2.0)
    sinatra-contrib (2.1.0)
      multi_json
      mustermann (~> 1.0)
      rack-protection (= 2.1.0)
      sinatra (= 2.1.0)
      tilt (~> 2.0)
    tilt (2.0.10)

PLATFORMS
  ruby

DEPENDENCIES
  htmlbeautifier (~> 1.3)
  httpclient (~> 2.8)
  nokogiri (~> 1.11)
  pry
  rouge (~> 3.20)
  sinatra (~> 2.1)
  sinatra-contrib (~> 2.1)

RUBY VERSION
   ruby 2.7.3p183

BUNDLED WITH
   2.1.4
